GEM
  remote: https://rubygems.org/
  specs:
    activemodel (4.2.0)
      activesupport (= 4.2.0)
      builder (~> 3.1)
    activesupport (4.2.0)
      i18n (~> 0.7)
      json (~> 1.7, >= 1.7.7)
      minitest (~> 5.1)
      thread_safe (~> 0.3, >= 0.3.4)
      tzinfo (~> 1.1)
    builder (3.2.2)
    faraday (0.9.1)
      multipart-post (>= 1.2, < 3)
    her (0.7.3)
      activemodel (>= 3.0.0, <= 4.2)
      activesupport (>= 3.0.0, <= 4.2)
      faraday (>= 0.8, < 1.0)
      multi_json (~> 1.7)
    highline (1.6.21)
    i18n (0.7.0)
    json (1.8.2)
    kitchen-puppet (0.0.21)
    kitchen-vagrant (0.15.0)
      test-kitchen (~> 1.0)
    librarian (0.1.2)
      highline
      thor (~> 0.15)
    librarian-puppet (2.0.1)
      librarian (>= 0.1.2)
      puppet_forge
      rsync
    minitest (5.5.1)
    mixlib-shellout (2.0.1)
    multi_json (1.10.1)
    multipart-post (2.0.0)
    net-scp (1.2.1)
      net-ssh (>= 2.6.5)
    net-ssh (2.9.2)
    puppet_forge (1.0.4)
      her (~> 0.6)
    rsync (1.0.9)
    safe_yaml (1.0.4)
    test-kitchen (1.3.1)
      mixlib-shellout (>= 1.2, < 3.0)
      net-scp (~> 1.1)
      net-ssh (~> 2.7)
      safe_yaml (~> 1.0)
      thor (~> 0.18)
    thor (0.19.1)
    thread_safe (0.3.4)
    tzinfo (1.2.2)
      thread_safe (~> 0.1)

PLATFORMS
  ruby

DEPENDENCIES
  kitchen-puppet
  kitchen-vagrant
  librarian-puppet
  test-kitchen
